GEM
  remote: https://rubygems.org/
  specs:
    ruby2d (0.11.1)

PLATFORMS
  ruby

DEPENDENCIES
  ruby2d (~> 0.11)

BUNDLED WITH
   2.1.4
