GEM
  remote: https://rubygems.org/
  specs:
    byebug (11.1.3)
    ruby2d (0.11.1)

PLATFORMS
  ruby

DEPENDENCIES
  byebug
  ruby2d (~> 0.11)

BUNDLED WITH
   2.1.4
